GEM
  remote: http://rubygems.org/
  specs:
    CFPropertyList (2.2.8)
    facter (2.4.4)
      CFPropertyList (~> 2.2.6)
    hiera (1.3.4)
      json_pure
    json_pure (1.8.2)
    puppet (3.7.5)
      facter (> 1.6, < 3)
      hiera (~> 1.0)
      json_pure
    vault (0.3.0)

PLATFORMS
  ruby

DEPENDENCIES
  puppet (~> 3.7.5)
  vault (~> 0.3)

BUNDLED WITH
   1.10.6
